GEM
  remote: https://rubygems.org/
  specs:
    activesupport (4.2.5)
      i18n (~> 0.7)
      json (~> 1.7, >= 1.7.7)
      minitest (~> 5.1)
      thread_safe (~> 0.3, >= 0.3.4)
      tzinfo (~> 1.1)
    byebug (6.0.2)
    clockwork (1.2.0)
      activesupport
      tzinfo
    configatron (4.5.0)
    daemons (1.2.3)
    domain_name (0.5.24)
      unf (>= 0.0.5, < 1.0.0)
    faraday (0.9.1)
      multipart-post (>= 1.2, < 3)
    generate_method (1.0.0)
    http-cookie (1.0.2)
      domain_name (~> 0.5)
    i18n (0.7.0)
    json (1.8.3)
    mime-types (2.6.1)
    minitest (5.8.3)
    multipart-post (2.0.0)
    netrc (0.10.3)
    rest-client (1.8.0)
      http-cookie (>= 1.0.2, < 2.0)
      mime-types (>= 1.16, < 3.0)
      netrc (~> 0.7)
    thread_safe (0.3.5)
    tzinfo (1.2.2)
      thread_safe (~> 0.1)
    unf (0.1.4)
      unf_ext
    unf_ext (0.0.7.1)
    washbullet (0.4.0)
      faraday (~> 0.9.0)
      mime-types
    yinum (2.2.0)
      generate_method (~> 1.0)

PLATFORMS
  ruby

DEPENDENCIES
  byebug
  clockwork
  configatron
  daemons
  json
  rest-client
  washbullet
  yinum

BUNDLED WITH
   1.10.6
